GEM
  remote: http://rubygems.org/
  specs:
    faraday (1.1.0)
      multipart-post (>= 1.2, < 3)
      ruby2_keywords
    filelock (1.1.1)
    hashie (3.6.0)
    json (2.3.1)
    jwt (2.2.2)
    kgio (2.11.3)
    multi_json (1.15.0)
    multi_xml (0.6.0)
    multipart-post (2.1.1)
    oauth2 (1.4.4)
      faraday (>= 0.8, < 2.0)
      jwt (>= 1.0, < 3.0)
      multi_json (~> 1.3)
      multi_xml (~> 0.5)
      rack (>= 1.2, < 3)
    omniauth (1.4.2)
      hashie (>= 1.2, < 4)
      rack (>= 1.0, < 3)
    omniauth-auth0 (2.4.1)
      omniauth-oauth2 (~> 1.5)
    omniauth-oauth2 (1.5.0)
      oauth2 (~> 1.1)
      omniauth (~> 1.2)
    rack (1.6.13)
    rack-protection (1.5.5)
      rack
    raindrops (0.19.1)
    ruby2_keywords (0.0.2)
    sinatra (1.4.8)
      rack (~> 1.5)
      rack-protection (~> 1.4)
      tilt (>= 1.3, < 3)
    sinatra-index (0.0.2)
      sinatra
    tilt (2.0.10)
    unicorn (5.7.0)
      kgio (~> 2.6)
      raindrops (~> 0.7)

PLATFORMS
  ruby

DEPENDENCIES
  filelock
  json
  omniauth-auth0
  rack (= 1.6.13)
  sinatra (~> 1.4)
  sinatra-index
  unicorn

BUNDLED WITH
   1.15.4
