GEM
  remote: http://rubygems.org/
  specs:
    faraday (2.7.1)
      faraday-net_http (>= 2.0, < 3.1)
      ruby2_keywords (>= 0.0.4)
    faraday-net_http (3.0.2)
    filelock (1.1.1)
    hashie (5.0.0)
    json (2.3.1)
    jwt (2.5.0)
    kgio (2.11.3)
    multi_xml (0.6.0)
    mustermann (3.0.0)
      ruby2_keywords (~> 0.0.1)
    oauth2 (2.0.9)
      faraday (>= 0.17.3, < 3.0)
      jwt (>= 1.0, < 3.0)
      multi_xml (~> 0.5)
      rack (>= 1.2, < 4)
      snaky_hash (~> 2.0)
      version_gem (~> 1.1)
    omniauth (2.1.0)
      hashie (>= 3.4.6)
      rack (>= 2.2.3)
      rack-protection
    omniauth-auth0 (3.0.0)
      omniauth (~> 2.0)
      omniauth-oauth2 (~> 1.7)
    omniauth-oauth2 (1.8.0)
      oauth2 (>= 1.4, < 3)
      omniauth (~> 2.0)
    rack (2.2.4)
    rack-protection (3.0.4)
      rack
    raindrops (0.19.1)
    ruby2_keywords (0.0.5)
    sinatra (3.0.4)
      mustermann (~> 3.0)
      rack (~> 2.2, >= 2.2.4)
      rack-protection (= 3.0.4)
      tilt (~> 2.0)
    sinatra-index (0.0.2)
      sinatra
    snaky_hash (2.0.1)
      hashie
      version_gem (~> 1.1, >= 1.1.1)
    tilt (2.0.11)
    unicorn (5.7.0)
      kgio (~> 2.6)
      raindrops (~> 0.7)
    version_gem (1.1.1)

PLATFORMS
  ruby

DEPENDENCIES
  filelock
  json
  omniauth-auth0
  rack (= 2.2.4)
  sinatra (~> 3.0)
  sinatra-index
  unicorn

BUNDLED WITH
   1.15.4
